PATH
  remote: .
  specs:
    bananajour (2.7.0)
      RedCloth
      activesupport (~> 2.3)
      dnssd (~> 1.3)
      haml (~> 3.0)
      json (~> 1.1)
      rainbow (~> 1.0)
      rdiscount
      rugged (~> 0.25.1.1)
      sass (~> 3.0)
      sinatra (~> 1.0)
      thin (~> 1.2)

GEM
  remote: http://gemcutter.org/
  specs:
    RedCloth (4.3.2)
    activesupport (2.3.18)
    coderay (1.1.1)
    daemons (1.2.4)
    dnssd (1.4)
    eventmachine (1.2.3)
    haml (3.1.8)
    json (1.8.6)
    method_source (0.8.2)
    pry (0.10.4)
      coderay (~> 1.1.0)
      method_source (~> 0.8.1)
      slop (~> 3.4)
    rack (1.6.5)
    rack-protection (1.5.3)
      rack
    rainbow (1.99.2)
    rdiscount (2.2.0.1)
    rugged (0.25.1.1)
    sass (3.4.23)
    sinatra (1.4.8)
      rack (~> 1.5)
      rack-protection (~> 1.4)
      tilt (>= 1.3, < 3)
    slop (3.6.0)
    thin (1.7.0)
      daemons (~> 1.0, >= 1.0.9)
      eventmachine (~> 1.0, >= 1.0.4)
      rack (>= 1, < 3)
    tilt (2.0.7)

PLATFORMS
  ruby

DEPENDENCIES
  bananajour!
  pry

BUNDLED WITH
   1.13.6
